PATH
  remote: .
  specs:
    oj_runner (0.0.2)

GEM
  remote: https://gems.ruby-china.com/
  specs:
    diff-lcs (1.3)
    rake (12.3.1)
    rake-compiler (1.0.5)
      rake
    rspec (3.8.0)
      rspec-core (~> 3.8.0)
      rspec-expectations (~> 3.8.0)
      rspec-mocks (~> 3.8.0)
    rspec-core (3.8.0)
      rspec-support (~> 3.8.0)
    rspec-expectations (3.8.1)
      diff-lcs (>= 1.2.0, < 2.0)
      rspec-support (~> 3.8.0)
    rspec-mocks (3.8.0)
      diff-lcs (>= 1.2.0, < 2.0)
      rspec-support (~> 3.8.0)
    rspec-support (3.8.0)

PLATFORMS
  ruby

DEPENDENCIES
  oj_runner!
  rake (>= 1.9.1)
  rake-compiler (>= 0.8.3)
  rspec (>= 2.13.0)

BUNDLED WITH
   1.16.4
